##TITLE= Parameter file, TOPSPIN		Version 3.2
##JCAMPDX= 5.0
##DATATYPE= Parameter Values
##NPOINTS= 2758	$$ modification sequence number
##ORIGIN= Bruker BioSpin GmbH
##OWNER= nmrsu
$$ 2015-09-02 18:35:41.277 +0400  nmr@CZC2138PD8
$$ C:/Bruker/TOPSPIN/conf/instr/spect/specpar
$$ process C:\Bruker\TOPSPIN\prog\mod\cprserver.exe
##$ANCIEN= (0..7)
0 0 0 0 0 0 0 0
##$BF1= 100.13
##$BF2= 100.13
##$BF3= 100.13
##$DEC= 1
##$DECB= 1
##$DEF19F= yes
##$DEFRSEL= yes
##$HPMOD= (0..7)
0 0 0 0 0 0 0 0
##$HPPRECH= (0..15)
-1 -1 -1 -1 -1 -1 -1 -1 -1 -1 -1 -1 -1 -1 -1 -1
##$LOCSW19F= -1
##$LOCSW2H= -1
##$NUC1= 1
##$NUC2= 12
##$NUC3= 0
##$NUC4= 0
##$NUC5= 0
##$NUC6= 0
##$NUC7= 0
##$NUC8= 0
##$NUCARR= (0..123)
500.13 500.13 76.773000391 533.458533026 380.996217563 73.599560914 194.369508203
70.277332187 53.732257342 160.461579026 125.75778898 36.128816115 50.677733088
67.799907543 470.592376989 39.481742704 132.2938871 30.616133365 130.318169141
99.361761813 202.456335258 38.389979 49.002282091 40.789227275 23.337930627
12.809854695 33.658893971 121.490314253 28.194999466 28.202515963 49.864505691
131.548934052 28.269827504 123.978315782 16.193099222 118.666214926 44.691871949
132.611834527 142.055390307 31.292149197 120.037971646 152.523166296 17.446109685
85.635329386 95.382358487 26.095393278 125.30247002 135.067698482 19.2430024
48.287266057 163.644806546 21.674744178 24.507359802 46.493574702 122.41266883
32.593102074 33.277125305 112.570890674 23.031741849 25.813554631 15.936376553
22.8864489 20.244357181 23.273715467 106.10497952 110.994725825 109.357200245
109.591631371 163.636279251 178.207616741 186.501638368 119.683995423 64.812931783
130.882731258 157.789860231 100.063439514 139.087082814 41.230322079 65.597760858
49.685199543 55.579087072 65.9886527 70.646568359 153.139806 27.257085
16.804368 20.855421 17.204472 124.332318 54.914274 15.353991 20.155239
120.231252 17.204472 24.106266 106.727742 14.403744 41.460777 87.519278694
24.111267 57.034825 40.66557 20.040209 12.588272 59.9635864 20.837350613
112.6522824 113.7875774 11.414621669 38.8370946 8.592233 9.357432 107.511866216
8.647248 89.577394178 33.066510417 285.6902598 288.494179162 104.630192401
80.367329712 9.2093936 100 100 100
##$OBS= 1
##$OFFSF= (0..7)
-29653.1999999843 0 0 0 0 0 0 0
##$OFFSH= (0..7)
3054.70000000696 4.99999998737621 0 0 0 0 0 0
##$OFFSX= (0..7)
6225.79999999573 3852.30000000547 0 0 0 0 0 0
##$OFFSXAS= (0..7)
0 0 0 0 0 0 0 0
##$OFSF1= 0
##$OFSF2= 0
##$OFSH1= 0
##$OFSH2= 0
##$OFSH3= 0
##$OFSX1= 0
##$OFSX2= 0
##$OFSY= 0
##$PACOIL= (0..15)
0 0 0 0 0 0 0 0 0 0 0 0 0 0 0 0
##$PRECHAN= (0..15)
-1 3 0 4 1 -1 -1 -1 -1 -1 -1 -1 -1 -1 -1 -1
##$RECPRE= (0..15)
-1 0 -1 -1 -1 -1 -1 -1 -1 -1 -1 -1 -1 -1 -1 -1
##$RECSEL= (0..15)
0 0 0 1 0 0 0 0 0 0 0 0 0 0 0 0
##$SELREC= (0..9)
0 0 0 0 0 0 0 0 0 0
##$SFO1= 500.133055
##$SFO2= 50.683959
##$SFO3= 500.13
##$SFO4= 500.13
##$SFO5= 500.13
##$SFO6= 500.13
##$SFO7= 500.13
##$SFO8= 500.13
##$TY= (0..123)
0 0 0 0 0 0 0 0 0 0 0 0 0 0 0 0 0 0 0 0 0 0 0 0 0 0 0 0 0 0 0 0 0 0 0 0
0 0 0 0 0 0 0 0 0 0 0 0 0 0 0 0 0 0 0 0 0 0 0 0 0 0 0 0 0 0 0 0 0 0 0 0
0 0 0 0 0 0 0 0 0 0 0 0 0 0 0 0 0 0 0 0 0 0 0 0 0 0 0 0 0 0 0 0 0 0 0 0
0 0 0 0 0 0 0 0 0 0 0 0 0 0 0 0
##END=
